PATH
  remote: .
  specs:
    im-kayac (0.1.0)
      httparty
      json

GEM
  remote: https://rubygems.org/
  specs:
    httparty (0.10.2)
      multi_json (~> 1.0)
      multi_xml (>= 0.5.2)
    json (1.7.7)
    multi_json (1.6.1)
    multi_xml (0.5.3)

PLATFORMS
  ruby

DEPENDENCIES
  im-kayac!
