PATH
  remote: .
  specs:
    im-kayac (0.1.2)
      args_parser
      httparty
      json

GEM
  remote: https://rubygems.org/
  specs:
    args_parser (0.1.4)
    httparty (0.11.0)
      multi_json (~> 1.0)
      multi_xml (>= 0.5.2)
    json (1.7.7)
    multi_json (1.7.2)
    multi_xml (0.5.3)

PLATFORMS
  ruby

DEPENDENCIES
  im-kayac!
